PATH
  remote: .
  specs:
    todo (0.0.1)
      gli (~> 2.21.0)

GEM
  remote: https://rubygems.org/
  specs:
    gli (2.21.0)
    minitest (5.15.0)
    rake (0.9.6)
    rdoc (4.3.0)

PLATFORMS
  x86_64-darwin-21

DEPENDENCIES
  minitest (~> 5.14)
  rake (~> 0.9.2)
  rdoc (~> 4.3)
  todo!

BUNDLED WITH
   2.2.22
